PATH
  remote: .
  specs:
    rednode (0.1.0)
      eventmachine
      therubyracer (~> 0.8.0.pre)

GEM
  remote: http://rubygems.org/
  specs:
    diff-lcs (1.1.2)
    eventmachine (0.12.10)
    rspec (2.0.1)
      rspec-core (~> 2.0.1)
      rspec-expectations (~> 2.0.1)
      rspec-mocks (~> 2.0.1)
    rspec-core (2.0.1)
    rspec-expectations (2.0.1)
      diff-lcs (>= 1.1.2)
    rspec-mocks (2.0.1)
      rspec-core (~> 2.0.1)
      rspec-expectations (~> 2.0.1)
    therubyracer (0.8.0.pre2)

PLATFORMS
  ruby

DEPENDENCIES
  eventmachine
  rednode!
  rspec (~> 2.0.0)
  therubyracer (~> 0.8.0.pre)
